GEM
  remote: https://rubygems.org/
  specs:
    async (1.9.1)
      nio4r (~> 2.3)
      timers (~> 4.1)
    async-container (0.5.0)
      async (~> 1.0)
      async-io (~> 1.4)
    async-http (0.24.3)
      async (~> 1.6)
      async-io (~> 1.12)
      http-2 (~> 0.9.0)
    async-io (1.12.1)
      async (~> 1.3)
    base64 (0.2.0)
    falcon (0.15.2)
      async-container (~> 0.5.0)
      async-http (~> 0.24.0)
      async-io (~> 1.9)
      rack (>= 1.0)
      samovar (~> 1.3)
    hitimes (1.2.6)
    http-2 (0.9.1)
    logger (1.6.1)
    mapping (1.1.1)
    mustermann (3.0.3)
      ruby2_keywords (~> 0.0.1)
    nio4r (2.3.1)
    rack (3.1.8)
    rack-protection (4.1.0)
      base64 (>= 0.1.0)
      logger (>= 1.6.0)
      rack (>= 3.0.0, < 4)
    rack-session (2.0.0)
      rack (>= 3.0.0)
    rainbow (2.2.2)
      rake
    rake (13.0.1)
    ruby2_keywords (0.0.5)
    samovar (1.8.0)
      mapping (~> 1.0)
      rainbow (~> 2.0)
    sinatra (4.1.0)
      logger (>= 1.6.0)
      mustermann (~> 3.0)
      rack (>= 3.0.0, < 4)
      rack-protection (= 4.1.0)
      rack-session (>= 2.0.0, < 3)
      tilt (~> 2.0)
    tilt (2.4.0)
    timers (4.1.2)
      hitimes

PLATFORMS
  ruby

DEPENDENCIES
  falcon
  sinatra (>= 4.1.0)

BUNDLED WITH
   1.17.3
